GEM
  remote: http://rubygems.org/
  specs:
    actionmailer (3.1.0)
      actionpack (= 3.1.0)
      mail (~> 2.3.0)
    actionpack (3.1.0)
      activemodel (= 3.1.0)
      activesupport (= 3.1.0)
      builder (~> 3.0.0)
      erubis (~> 2.7.0)
      i18n (~> 0.6)
      rack (~> 1.3.2)
      rack-cache (~> 1.0.3)
      rack-mount (~> 0.8.2)
      rack-test (~> 0.6.1)
      sprockets (~> 2.0.0)
    activemodel (3.1.0)
      activesupport (= 3.1.0)
      bcrypt-ruby (~> 3.0.0)
      builder (~> 3.0.0)
      i18n (~> 0.6)
    activerecord (3.1.0)
      activemodel (= 3.1.0)
      activesupport (= 3.1.0)
      arel (~> 2.2.1)
      tzinfo (~> 0.3.29)
    activeresource (3.1.0)
      activemodel (= 3.1.0)
      activesupport (= 3.1.0)
    activesupport (3.1.0)
      multi_json (~> 1.0)
    addressable (2.2.6)
    arel (2.2.1)
    bcrypt-ruby (3.0.1)
    builder (3.0.0)
    capybara (1.1.1)
      mime-types (>= 1.16)
      nokogiri (>= 1.3.3)
      rack (>= 1.0.0)
      rack-test (>= 0.5.4)
      selenium-webdriver (~> 2.0)
      xpath (~> 0.1.4)
    capybara-webkit (0.7.2)
      capybara (>= 1.0.0, < 1.2)
    childprocess (0.2.2)
      ffi (~> 1.0.6)
    coderay (0.9.8)
    coffee-rails (3.1.1)
      coffee-script (>= 2.2.0)
      railties (~> 3.1.0)
    coffee-script (2.2.0)
      coffee-script-source
      execjs
    coffee-script-source (1.1.3)
    daemons (1.1.4)
    database_cleaner (0.7.0)
    diff-lcs (1.1.3)
    em-hiredis (0.1.0)
      hiredis (~> 0.3.0)
    em-http-request (0.3.0)
      addressable (>= 2.0.0)
      escape_utils
      eventmachine (>= 0.12.9)
    erubis (2.7.0)
    escape_utils (0.2.4)
    eventmachine (0.12.10)
    execjs (1.2.9)
      multi_json (~> 1.0)
    factory_girl (2.2.0)
      activesupport
    factory_girl_rails (1.3.0)
      factory_girl (~> 2.2.0)
      railties (>= 3.0.0)
    faye (0.6.7)
      em-hiredis (>= 0.0.1)
      em-http-request (~> 0.3)
      eventmachine (~> 0.12.0)
      json (>= 1.0)
      rack (>= 1.0)
      thin (~> 1.2)
    ffi (1.0.11)
    growl (1.0.3)
    guard (0.8.8)
      thor (~> 0.14.6)
    guard-rspec (0.5.3)
      guard (>= 0.8.4)
    guard-spork (0.3.1)
      guard (>= 0.8.4)
      spork (>= 0.8.4)
    haml (3.1.3)
    haml-rails (0.3.4)
      actionpack (~> 3.0)
      activesupport (~> 3.0)
      haml (~> 3.0)
      railties (~> 3.0)
    hike (1.2.1)
    hiredis (0.3.2)
    i18n (0.6.0)
    ir_b (1.4.0)
    jquery-rails (1.0.17)
      railties (~> 3.0)
      thor (~> 0.14)
    json (1.6.1)
    json_pure (1.6.1)
    launchy (2.0.5)
      addressable (~> 2.2.6)
    mail (2.3.0)
      i18n (>= 0.4.0)
      mime-types (~> 1.16)
      treetop (~> 1.4.8)
    method_source (0.6.7)
      ruby_parser (>= 2.3.1)
    mime-types (1.17.2)
    multi_json (1.0.3)
    nokogiri (1.5.0)
    polyglot (0.3.3)
    pry (0.9.7.4)
      coderay (~> 0.9.8)
      method_source (~> 0.6.7)
      ruby_parser (>= 2.3.1)
      slop (~> 2.1.0)
    rack (1.3.5)
    rack-cache (1.0.3)
      rack (>= 0.4)
    rack-mount (0.8.3)
      rack (>= 1.0.0)
    rack-ssl (1.3.2)
      rack
    rack-test (0.6.1)
      rack (>= 1.0)
    rails (3.1.0)
      actionmailer (= 3.1.0)
      actionpack (= 3.1.0)
      activerecord (= 3.1.0)
      activeresource (= 3.1.0)
      activesupport (= 3.1.0)
      bundler (~> 1.0)
      railties (= 3.1.0)
    rails3_acts_as_paranoid (0.1.1)
      activerecord (~> 3.0)
    railties (3.1.0)
      actionpack (= 3.1.0)
      activesupport (= 3.1.0)
      rack-ssl (~> 1.3.2)
      rake (>= 0.8.7)
      rdoc (~> 3.4)
      thor (~> 0.14.6)
    rake (0.9.2.2)
    rb-fsevent (0.4.3.1)
    rdoc (3.11)
      json (~> 1.4)
    rspec (2.7.0)
      rspec-core (~> 2.7.0)
      rspec-expectations (~> 2.7.0)
      rspec-mocks (~> 2.7.0)
    rspec-core (2.7.1)
    rspec-expectations (2.7.0)
      diff-lcs (~> 1.1.2)
    rspec-mocks (2.7.0)
    rspec-rails (2.7.0)
      actionpack (~> 3.0)
      activesupport (~> 3.0)
      railties (~> 3.0)
      rspec (~> 2.7.0)
    ruby_parser (2.3.1)
      sexp_processor (~> 3.0)
    rubyzip (0.9.4)
    sass (3.1.10)
    sass-rails (3.1.4)
      actionpack (~> 3.1.0)
      railties (~> 3.1.0)
      sass (>= 3.1.4)
      sprockets (~> 2.0.0)
      tilt (~> 1.3.2)
    selenium-webdriver (2.12.2)
      childprocess (>= 0.2.1)
      ffi (~> 1.0.9)
      json_pure
      rubyzip
    settingslogic (2.0.6)
    sexp_processor (3.0.7)
    simplecov (0.5.4)
      multi_json (~> 1.0.3)
      simplecov-html (~> 0.5.3)
    simplecov-html (0.5.3)
    slop (2.1.0)
    spork (0.9.0.rc9)
    sprockets (2.0.2)
      hike (~> 1.2)
      rack (~> 1.0)
      tilt (~> 1.1, != 1.3.0)
    sqlite3 (1.3.4)
    thin (1.3.0)
      daemons (>= 1.0.9)
      eventmachine (>= 0.12.6)
      rack (>= 1.0.0)
    thor (0.14.6)
    tilt (1.3.3)
    treetop (1.4.10)
      polyglot
      polyglot (>= 0.3.1)
    tzinfo (0.3.31)
    uglifier (1.0.4)
      execjs (>= 0.3.0)
      multi_json (>= 1.0.2)
    xpath (0.1.4)
      nokogiri (~> 1.3)

PLATFORMS
  ruby

DEPENDENCIES
  capybara
  capybara-webkit
  coffee-rails (~> 3.1.0)
  database_cleaner
  factory_girl_rails
  faye
  growl
  guard-rspec
  guard-spork
  haml-rails
  ir_b (= 1.4.0)
  jquery-rails
  launchy
  pry
  rails (= 3.1.0)
  rails3_acts_as_paranoid
  rb-fsevent
  rspec-rails
  sass-rails (~> 3.1.0)
  settingslogic
  simplecov
  spork (= 0.9.0.rc9)
  sprockets (= 2.0.2)
  sqlite3
  thin
  uglifier
